GIT
  remote: git://github.com/tmnsun/apple_warranty.git
  revision: d8478d303d2fa0b10424c0957bb5358a639b8550
  specs:
    apple_warranty (1.0.0)

GEM
  remote: http://rubygems.org/
  specs:
    rack (1.6.1)
    rack-protection (1.5.3)
      rack
    sinatra (1.4.6)
      rack (~> 1.4)
      rack-protection (~> 1.4)
      tilt (>= 1.3, < 3)
    tilt (2.0.1)

PLATFORMS
  ruby

DEPENDENCIES
  apple_warranty!
  sinatra
